PATH
  remote: .
  specs:
    cfn-vpn (0.2.0)
      aws-sdk-acm (~> 1, < 2)
      aws-sdk-cloudformation (~> 1, < 2)
      aws-sdk-ec2 (~> 1.95, < 2)
      aws-sdk-s3 (~> 1, < 2)
      cfhighlander (~> 0.9, < 1)
      cfndsl (~> 0.17, < 1)
      terminal-table (~> 1, < 2)
      thor (~> 0.20)

GEM
  remote: https://rubygems.org/
  specs:
    aws-eventstream (1.0.3)
    aws-partitions (1.253.0)
    aws-sdk-acm (1.23.0)
      aws-sdk-core (~> 3, >= 3.56.0)
      aws-sigv4 (~> 1.1)
    aws-sdk-cloudformation (1.29.0)
      aws-sdk-core (~> 3, >= 3.71.0)
      aws-sigv4 (~> 1.1)
    aws-sdk-core (3.85.1)
      aws-eventstream (~> 1.0, >= 1.0.2)
      aws-partitions (~> 1, >= 1.239.0)
      aws-sigv4 (~> 1.1)
      jmespath (~> 1.0)
    aws-sdk-ec2 (1.124.0)
      aws-sdk-core (~> 3, >= 3.71.0)
      aws-sigv4 (~> 1.1)
    aws-sdk-kms (1.27.0)
      aws-sdk-core (~> 3, >= 3.71.0)
      aws-sigv4 (~> 1.1)
    aws-sdk-s3 (1.59.0)
      aws-sdk-core (~> 3, >= 3.83.0)
      aws-sdk-kms (~> 1)
      aws-sigv4 (~> 1.1)
    aws-sigv4 (1.1.0)
      aws-eventstream (~> 1.0, >= 1.0.2)
    cfhighlander (0.10.7)
      aws-sdk-cloudformation (~> 1, < 2)
      aws-sdk-core (~> 3, < 4)
      aws-sdk-ec2 (~> 1, < 2)
      aws-sdk-s3 (~> 1, < 2)
      cfndsl (= 0.17.2)
      duplicate (~> 1.1)
      git (~> 1.4, < 2)
      highline (>= 1.7.10, < 1.8)
      rubyzip (>= 2.0.0, < 3)
      thor (~> 0.20, < 1)
    cfndsl (0.17.2)
    duplicate (1.1.1)
    git (1.5.0)
    highline (1.7.10)
    jmespath (1.4.0)
    rake (10.5.0)
    rubyzip (2.0.0)
    terminal-table (1.8.0)
      unicode-display_width (~> 1.1, >= 1.1.1)
    thor (0.20.3)
    unicode-display_width (1.6.0)

PLATFORMS
  ruby

DEPENDENCIES
  bundler (~> 2.0)
  cfn-vpn!
  rake (~> 10.0)

BUNDLED WITH
   2.0.1
